##TITLE= Parameter file, TOPSPIN		Version 3.2
##JCAMPDX= 5.0
##DATATYPE= Parameter Values
##NPOINTS= 37623	$$ modification sequence number
##ORIGIN= Bruker BioSpin GmbH
##OWNER= nmrsu
$$ 2020-09-08 11:43:25.996 +0300  nmrsu@CZC1202225
$$ /opt/topspin3.2/conf/instr/spect/specpar
$$ process /opt/topspin3.2/prog/mod/cprserver
##$HPPRECH= (0..15)
-1 -1 -1 -1 -1 -1 -1 -1 -1 -1 -1 -1 -1 -1 -1 -1
##$NUC1= 14
##$NUC2= 1
##$NUC3= 0
##$NUC4= 0
##$NUC5= 0
##$NUC6= 0
##$NUC7= 0
##$NUC8= 0
##$NUCARR= (0..123)
500.03 500.03 76.75765 380.920039 533.351869 73.584845 194.330644 70.263281
53.721513 160.429495 125.732643 36.121592 50.6676 67.786352 470.498283
39.473848 132.267436 30.610012 130.292112 99.341895 202.415854 38.382303
48.992485 40.781072 23.333265 12.807293 33.652164 121.466023 28.189361
28.196876 49.854536 131.522631 28.264176 123.953527 16.189861 118.642488
44.682936 132.58532 142.026986 31.285892 120.01397 152.492669 17.442621
85.618207 95.363286 26.090175 125.277416 135.040692 19.239154 48.277612
21.67041 163.612086 24.50246 46.484279 122.388193 32.586585 33.270471 23.027136
112.548382 25.808393 15.933191 22.881873 20.24031 23.269061 106.083765
109.335335 110.972533 109.569719 163.603561 178.171985 186.464347 119.660064
64.799973 130.856561 157.75831 100.043432 139.059273 41.222078 65.584645
49.675265 55.567974 65.975458 70.632443 153.109186 27.251635 16.801008
20.851251 17.201032 124.307458 54.903294 15.350921 20.151209 120.207212
17.201032 24.101446 106.706402 14.400864 41.452487 87.50178 24.106447 57.023421
40.65744 20.036202 12.585755 59.951597 20.833185 112.629757 11.41234 113.764826
38.82933 8.590516 9.355562 107.490369 8.645518 89.559483 33.059899 285.633137
288.436495 104.609271 80.351261 9.207552 100 100 100
##$OFFSF= (0..7)
-47049.6000000367 0 0 0 0 0 0 0
##$OFFSH= (0..7)
2000.10000003203 1749.3000000286 0 0 0 0 0 0
##$OFFSX= (0..7)
5421.40000000302 5621.10000001326 0 0 0 0 0 0
##$PRECHAN= (0..15)
-1 1 -1 0 -1 3 2 -1 -1 -1 -1 -1 -1 -1 -1 -1
##$RECPRE= (0..15)
-1 0 -1 -1 -1 -1 -1 -1 -1 -1 -1 -1 -1 -1 -1 -1
##$RECSEL= (0..15)
0 0 0 1 0 0 0 0 0 0 0 0 0 0 0 0
##$SELREC= (0..9)
0 0 0 0 0 0 0 0 0 0
##$SFO1= 470.451233
##$SFO2= 500.032
##$SFO3= 499.98295
##$SFO4= 499.98295
##$SFO5= 499.98295
##$SFO6= 499.98295
##$SFO7= 499.98295
##$SFO8= 499.98295
##END=
